PATH
  remote: .
  specs:
    change_base (0.1.0)

GEM
  remote: https://rubygems.org/
  specs:
    byebug (11.1.3)
    minitest (5.16.2)
    rake (12.3.3)

PLATFORMS
  x86_64-linux

DEPENDENCIES
  byebug (~> 11.1)
  change_base!
  minitest (~> 5.0)
  rake (~> 12.0)

BUNDLED WITH
   2.3.9
